GEM
  remote: https://rubygems.org/
  specs:
    kramdown (2.4.0)
      rexml
    rexml (3.3.2)
      strscan
    rss (0.3.0)
      rexml
    strscan (3.1.0)

PLATFORMS
  arm64-darwin-23
  ruby

DEPENDENCIES
  kramdown (~> 2.4.0)
  rss (~> 0.3.0)

RUBY VERSION
   ruby 3.3.0p0

BUNDLED WITH
   2.5.6
